PATH
  remote: .
  specs:
    coreos_ami (0.0.3)
      trollop

GEM
  remote: https://rubygems.org/
  specs:
    rake (10.4.2)
    trollop (2.1.2)

PLATFORMS
  ruby

DEPENDENCIES
  bundler (~> 1.7)
  coreos_ami!
  rake (~> 10.0)

BUNDLED WITH
   1.11.2
